GIT
  remote: git://github.com/trevorpower/block-stack.git
  revision: a24017d20e98adec498488709c98772b9f249303
  specs:
    block-stack (0.0.1)

GEM
  specs:

PLATFORMS
  ruby

DEPENDENCIES
  block-stack!
